GIT
  remote: git://github.com/japgolly/turn.git
  revision: 97c758a92c4fed588331373de065a535a89f5587
  specs:
    turn (0.9.3)
      ansi

GEM
  remote: http://rubygems.org/
  specs:
    ansi (1.4.2)
    minitest (2.11.3)
    multi_json (1.1.0)
    rake (0.9.2.2)
    simplecov (0.6.1)
      multi_json (~> 1.0)
      simplecov-html (~> 0.5.3)
    simplecov-html (0.5.3)

PLATFORMS
  ruby

DEPENDENCIES
  minitest
  rake
  simplecov
  turn!
